PATH
  remote: .
  specs:
    kube-deploy (0.1.0)
      thor

GEM
  remote: https://rubygems.org/
  specs:
    rake (10.5.0)
    thor (0.19.4)

PLATFORMS
  ruby

DEPENDENCIES
  bundler (~> 1.14)
  kube-deploy!
  rake (~> 10.0)

BUNDLED WITH
   1.14.5
